GIT
  remote: https://github.com/ddollar/socksify-ruby
  revision: 596791e76fe23fc9dc8ea25729c2ee10b5c58c6f
  specs:
    socksify (1.5.0)

GEM
  remote: http://rubygems.org/
  specs:
    mime-types (1.18)
    rack (1.4.1)
    rack-protection (1.2.0)
      rack
    rest-client (1.6.7)
      mime-types (>= 1.16)
    sinatra (1.3.2)
      rack (~> 1.3, >= 1.3.6)
      rack-protection (~> 1.2)
      tilt (~> 1.3, >= 1.3.3)
    tilt (1.3.3)

PLATFORMS
  ruby

DEPENDENCIES
  rest-client
  sinatra
  socksify!
